GEM
  remote: https://rubygems.org/
  specs:
    rufo (0.12.0)

PLATFORMS
  x86_64-linux

DEPENDENCIES
  rufo

BUNDLED WITH
   2.2.3
